GEM
  remote: http://rubygems.org/
  specs:
    addressable (2.2.8)
    brochure (0.5.3)
      hike (= 0.4.0)
      rack (>= 1.0.0)
      tilt (>= 1.1.0)
    coffee-script (2.2.0)
      coffee-script-source
      execjs
    coffee-script-source (1.1.2)
    em-websocket (0.3.6)
      addressable (>= 2.1.1)
      eventmachine (>= 0.12.9)
    eventmachine (0.12.10)
    execjs (1.2.4)
      multi_json (~> 1.0)
    ffi (1.0.11)
    guard (1.0.2)
      ffi (>= 0.5.0)
      thor (~> 0.14.6)
    guard-livereload (0.4.2)
      em-websocket (>= 0.2.0)
      guard (>= 0.10.0)
      multi_json (~> 1.0)
    guard-pow (0.2.1)
      guard (>= 0.3.0)
    hike (0.4.0)
    multi_json (1.0.3)
    rack (1.3.2)
    redcarpet (1.17.2)
    sass (3.1.7)
    thor (0.14.6)
    tilt (1.3.2)

PLATFORMS
  ruby

DEPENDENCIES
  brochure
  coffee-script
  guard-livereload
  guard-pow
  redcarpet
  sass
